GEM
  remote: https://rubygems.org/
  specs:
    addressable (2.3.5)
    analytics-ruby (0.5.3)
      faraday (>= 0.8, < 0.10)
      faraday_middleware (>= 0.8, < 0.10)
      multi_json (~> 1.0)
    builder (3.2.2)
    coderay (1.0.9)
    crack (0.4.1)
      safe_yaml (~> 0.9.0)
    dalli (2.6.4)
    diff-lcs (1.2.4)
    faraday (0.8.8)
      multipart-post (~> 1.2.0)
    faraday_middleware (0.9.0)
      faraday (>= 0.7.4, < 0.9)
    icalendar (1.4.1)
    kgio (2.8.0)
    memcachier (0.0.2)
    method_source (0.8.2)
    mini_portile (0.5.1)
    multi_json (1.9.2)
    multipart-post (1.2.0)
    newrelic_rpm (3.6.6.147)
    nokogiri (1.6.0)
      mini_portile (~> 0.5.0)
    pry (0.9.12.2)
      coderay (~> 1.0.5)
      method_source (~> 0.8)
      slop (~> 3.4)
    rack (1.5.2)
    rack-protection (1.5.0)
      rack
    rack-test (0.6.2)
      rack (>= 1.0)
    raindrops (0.11.0)
    rspec (2.14.1)
      rspec-core (~> 2.14.0)
      rspec-expectations (~> 2.14.0)
      rspec-mocks (~> 2.14.0)
    rspec-core (2.14.5)
    rspec-expectations (2.14.2)
      diff-lcs (>= 1.1.3, < 2.0)
    rspec-mocks (2.14.3)
    safe_yaml (0.9.5)
    sinatra (1.4.3)
      rack (~> 1.4)
      rack-protection (~> 1.4)
      tilt (~> 1.3, >= 1.3.4)
    slim (2.0.1)
      temple (~> 0.6.6)
      tilt (>= 1.3.3, < 2.1)
    slop (3.4.6)
    temple (0.6.6)
    tilt (1.4.1)
    unicorn (4.6.2)
      kgio (~> 2.6)
      rack
      raindrops (~> 0.7)
    webmock (1.13.0)
      addressable (>= 2.2.7)
      crack (>= 0.3.2)
    xml-sitemap (1.3.2)
      builder (>= 2.0)

PLATFORMS
  ruby

DEPENDENCIES
  analytics-ruby (< 1.0)
  dalli
  faraday (~> 0.8.6)
  icalendar (~> 1.4.0)
  memcachier
  newrelic_rpm
  nokogiri (~> 1.6.0)
  pry
  rack-test
  rspec
  sinatra (~> 1.4.0)
  slim (~> 2.0.0)
  unicorn
  webmock
  xml-sitemap (~> 1.3.2)
