GEM
  remote: https://rubygems.org/
  specs:
    addressable (2.8.1)
      public_suffix (>= 2.0.2, < 6.0)
    analytics-ruby (0.5.3)
      faraday (>= 0.8, < 0.10)
      faraday_middleware (>= 0.8, < 0.10)
      multi_json (~> 1.0)
    builder (3.2.2)
    coderay (1.0.9)
    crack (0.4.1)
      safe_yaml (~> 0.9.0)
    diff-lcs (1.2.4)
    faraday (0.8.8)
      multipart-post (~> 1.2.0)
    faraday_middleware (0.9.0)
      faraday (>= 0.7.4, < 0.9)
    kgio (2.11.4)
    method_source (0.8.2)
    mini_portile2 (2.3.0)
    multi_json (1.9.2)
    multipart-post (1.2.0)
    mustermann (2.0.2)
      ruby2_keywords (~> 0.0.1)
    newrelic_rpm (3.6.6.147)
    nokogiri (1.8.5)
      mini_portile2 (~> 2.3.0)
    pry (0.9.12.2)
      coderay (~> 1.0.5)
      method_source (~> 0.8)
      slop (~> 3.4)
    public_suffix (5.0.0)
    rack (2.2.4)
    rack-protection (2.2.2)
      rack
    rack-test (0.6.2)
      rack (>= 1.0)
    raindrops (0.20.0)
    rspec (2.14.1)
      rspec-core (~> 2.14.0)
      rspec-expectations (~> 2.14.0)
      rspec-mocks (~> 2.14.0)
    rspec-core (2.14.5)
    rspec-expectations (2.14.2)
      diff-lcs (>= 1.1.3, < 2.0)
    rspec-mocks (2.14.3)
    ruby2_keywords (0.0.5)
    safe_yaml (0.9.5)
    sinatra (2.2.2)
      mustermann (~> 2.0)
      rack (~> 2.2)
      rack-protection (= 2.2.2)
      tilt (~> 2.0)
    slim (2.0.1)
      temple (~> 0.6.6)
      tilt (>= 1.3.3, < 2.1)
    slop (3.4.6)
    temple (0.6.6)
    tilt (2.0.11)
    unicorn (6.1.0)
      kgio (~> 2.6)
      raindrops (~> 0.7)
    webmock (1.13.0)
      addressable (>= 2.2.7)
      crack (>= 0.3.2)
    xml-sitemap (1.3.2)
      builder (>= 2.0)

PLATFORMS
  ruby

DEPENDENCIES
  analytics-ruby (< 1.0)
  faraday (~> 0.8.6)
  newrelic_rpm
  nokogiri (~> 1.8.5)
  pry
  rack-test
  rspec
  sinatra (~> 2.2.0)
  slim (~> 2.0.0)
  unicorn
  webmock
  xml-sitemap (~> 1.3.2)

BUNDLED WITH
   2.1.4
